PATH
  remote: ../guides-style
  specs:
    guides_style_18f (0.4.3)
      jekyll
      jekyll_pages_api
      jekyll_pages_api_search
      rouge
      sass

GEM
  remote: https://rubygems.org/
  specs:
    colorator (0.1)
    ffi (1.9.10)
    go_script (0.1.5)
      bundler (~> 1.10)
      safe_yaml (~> 1.0)
    htmlentities (4.3.4)
    jekyll (3.0.1)
      colorator (~> 0.1)
      jekyll-sass-converter (~> 1.0)
      jekyll-watch (~> 1.1)
      kramdown (~> 1.3)
      liquid (~> 3.0)
      mercenary (~> 0.3.3)
      rouge (~> 1.7)
      safe_yaml (~> 1.0)
    jekyll-sass-converter (1.3.0)
      sass (~> 3.2)
    jekyll-watch (1.3.0)
      listen (~> 3.0)
    jekyll_pages_api (0.1.5)
      htmlentities (~> 4.3)
      jekyll (>= 2.0, < 4.0)
    jekyll_pages_api_search (0.4.4)
      jekyll_pages_api (~> 0.1.4)
      sass (~> 3.4)
    kramdown (1.9.0)
    liquid (3.0.6)
    listen (3.0.5)
      rb-fsevent (>= 0.9.3)
      rb-inotify (>= 0.9)
    mercenary (0.3.5)
    rb-fsevent (0.9.6)
    rb-inotify (0.9.5)
      ffi (>= 0.5.0)
    redcarpet (3.3.3)
    rouge (1.10.1)
    safe_yaml (1.0.4)
    sass (3.4.19)

PLATFORMS
  ruby

DEPENDENCIES
  go_script
  guides_style_18f!
  jekyll
  redcarpet
  rouge

BUNDLED WITH
   1.11.2
